STORAGE: NONE
RESTRICTION: || (== net5.0-windows7.0) (== net50) (== netstandard2.0) (== netstandard2.1)
NUGET
  remote: https://www.nuget.org/api/v2
    Google.Protobuf (3.14)
      System.Memory (>= 4.5.3)
      System.Runtime.CompilerServices.Unsafe (>= 4.5.2)
    Grpc (2.34.1)
      Grpc.Core (>= 2.34.1)
    Grpc.Core (2.34.1)
      Grpc.Core.Api (>= 2.34.1)
      System.Memory (>= 4.5.3)
    Grpc.Core.Api (2.34.1)
      System.Memory (>= 4.5.3)
    Grpc.HealthCheck (2.34.1)
      Google.Protobuf (>= 3.13)
      Grpc.Core.Api (>= 2.34.1)
      System.Threading.Channels (>= 4.6)
    Grpc.Tools (2.34.1)
    K4os.BoolEx (0.0.3)
    K4os.BoolEx.Parsing (0.0.3)
      K4os.BoolEx (>= 0.0.3)
      Microsoft.Extensions.Primitives (>= 3.1.9)
      Sprache (>= 2.3.1)
    K4os.Json.KnownTypes (1.0.6)
      Newtonsoft.Json (>= 10.0.1)
    K4os.RoutR (0.0.2)
      K4os.RoutR.Abstractions (>= 0.0.2)
      Microsoft.Extensions.DependencyInjection.Abstractions (>= 2.2)
      Microsoft.Extensions.Logging.Abstractions (>= 2.2)
      System.ValueTuple (>= 4.5)
    K4os.RoutR.Abstractions (0.0.2)
    K4os.Text.BaseX (0.0.3)
      System.Memory (>= 4.5.4)
      System.ValueTuple (>= 4.5)
    Microsoft.AspNetCore.Authentication.Abstractions (2.2)
      Microsoft.AspNetCore.Http.Abstractions (>= 2.2)
      Microsoft.Extensions.Logging.Abstractions (>= 2.2)
      Microsoft.Extensions.Options (>= 2.2)
    Microsoft.AspNetCore.Authentication.Core (2.2)
      Microsoft.AspNetCore.Authentication.Abstractions (>= 2.2)
      Microsoft.AspNetCore.Http (>= 2.2)
      Microsoft.AspNetCore.Http.Extensions (>= 2.2)
    Microsoft.AspNetCore.Authorization (5.0.2)
      Microsoft.AspNetCore.Metadata (>= 5.0.2)
      Microsoft.Extensions.Logging.Abstractions (>= 5.0)
      Microsoft.Extensions.Options (>= 5.0)
    Microsoft.AspNetCore.Authorization.Policy (2.2)
      Microsoft.AspNetCore.Authentication.Abstractions (>= 2.2)
      Microsoft.AspNetCore.Authorization (>= 2.2)
    Microsoft.AspNetCore.Connections.Abstractions (5.0.2)
      Microsoft.AspNetCore.Http.Features (>= 5.0.2)
      Microsoft.Bcl.AsyncInterfaces (>= 1.0) - restriction: || (&& (== net5.0-windows7.0) (>= net461)) (&& (== net5.0-windows7.0) (< netstandard2.1)) (&& (== net50) (>= net461)) (&& (== net50) (< netstandard2.1)) (== netstandard2.0) (&& (== netstandard2.1) (>= net461))
    Microsoft.AspNetCore.Hosting (2.2.7)
      Microsoft.AspNetCore.Hosting.Abstractions (>= 2.2)
      Microsoft.AspNetCore.Http (>= 2.2)
      Microsoft.AspNetCore.Http.Extensions (>= 2.2)
      Microsoft.Extensions.Configuration (>= 2.2)
      Microsoft.Extensions.Configuration.EnvironmentVariables (>= 2.2.4)
      Microsoft.Extensions.Configuration.FileExtensions (>= 2.2)
      Microsoft.Extensions.DependencyInjection (>= 2.2)
      Microsoft.Extensions.FileProviders.Physical (>= 2.2)
      Microsoft.Extensions.Hosting.Abstractions (>= 2.2)
      Microsoft.Extensions.Logging (>= 2.2)
      Microsoft.Extensions.Options (>= 2.2)
      System.Diagnostics.DiagnosticSource (>= 4.5.1)
      System.Reflection.Metadata (>= 1.6)
    Microsoft.AspNetCore.Hosting.Abstractions (2.2)
      Microsoft.AspNetCore.Hosting.Server.Abstractions (>= 2.2)
      Microsoft.AspNetCore.Http.Abstractions (>= 2.2)
      Microsoft.Extensions.Hosting.Abstractions (>= 2.2)
    Microsoft.AspNetCore.Hosting.Server.Abstractions (2.2)
      Microsoft.AspNetCore.Http.Features (>= 2.2)
      Microsoft.Extensions.Configuration.Abstractions (>= 2.2)
    Microsoft.AspNetCore.Http (2.2.2)
      Microsoft.AspNetCore.Http.Abstractions (>= 2.2)
      Microsoft.AspNetCore.WebUtilities (>= 2.2)
      Microsoft.Extensions.ObjectPool (>= 2.2)
      Microsoft.Extensions.Options (>= 2.2)
      Microsoft.Net.Http.Headers (>= 2.2)
    Microsoft.AspNetCore.Http.Abstractions (2.2)
      Microsoft.AspNetCore.Http.Features (>= 2.2)
      System.Text.Encodings.Web (>= 4.5)
    Microsoft.AspNetCore.Http.Connections.Client (5.0.2)
      Microsoft.AspNetCore.Http.Connections.Common (>= 5.0.2)
      Microsoft.Extensions.Logging.Abstractions (>= 5.0)
      Microsoft.Extensions.Options (>= 5.0)
    Microsoft.AspNetCore.Http.Connections.Common (5.0.2)
      Microsoft.AspNetCore.Connections.Abstractions (>= 5.0.2)
      System.Text.Json (>= 5.0.1) - restriction: || (&& (== net5.0-windows7.0) (>= net461)) (&& (== net5.0-windows7.0) (< net50)) (&& (== net50) (>= net461)) (== netstandard2.0) (== netstandard2.1)
    Microsoft.AspNetCore.Http.Extensions (2.2)
      Microsoft.AspNetCore.Http.Abstractions (>= 2.2)
      Microsoft.Extensions.FileProviders.Abstractions (>= 2.2)
      Microsoft.Net.Http.Headers (>= 2.2)
      System.Buffers (>= 4.5)
    Microsoft.AspNetCore.Http.Features (5.0.2)
      Microsoft.Extensions.Primitives (>= 5.0)
      System.IO.Pipelines (>= 5.0.1)
    Microsoft.AspNetCore.JsonPatch (5.0.2) - restriction: || (== net5.0-windows7.0) (== net50) (&& (== netstandard2.0) (>= net50)) (&& (== netstandard2.1) (>= net50))
      Microsoft.CSharp (>= 4.7)
      Newtonsoft.Json (>= 12.0.2)
    Microsoft.AspNetCore.Metadata (5.0.2)
    Microsoft.AspNetCore.Mvc.Abstractions (2.2)
      Microsoft.AspNetCore.Routing.Abstractions (>= 2.2)
      Microsoft.Net.Http.Headers (>= 2.2)
    Microsoft.AspNetCore.Mvc.Core (2.2.5)
      Microsoft.AspNetCore.Authentication.Core (>= 2.2)
      Microsoft.AspNetCore.Authorization.Policy (>= 2.2)
      Microsoft.AspNetCore.Hosting.Abstractions (>= 2.2)
      Microsoft.AspNetCore.Http (>= 2.2)
      Microsoft.AspNetCore.Http.Extensions (>= 2.2)
      Microsoft.AspNetCore.Mvc.Abstractions (>= 2.2)
      Microsoft.AspNetCore.ResponseCaching.Abstractions (>= 2.2)
      Microsoft.AspNetCore.Routing (>= 2.2)
      Microsoft.AspNetCore.Routing.Abstractions (>= 2.2)
      Microsoft.Extensions.DependencyInjection (>= 2.2)
      Microsoft.Extensions.DependencyModel (>= 2.1)
      Microsoft.Extensions.FileProviders.Abstractions (>= 2.2)
      Microsoft.Extensions.Logging.Abstractions (>= 2.2)
      System.Diagnostics.DiagnosticSource (>= 4.5)
      System.Threading.Tasks.Extensions (>= 4.5.1)
    Microsoft.AspNetCore.Mvc.NewtonsoftJson (5.0.2)
      Microsoft.AspNetCore.JsonPatch (>= 5.0.2) - restriction: || (== net5.0-windows7.0) (== net50) (&& (== netstandard2.0) (>= net50)) (&& (== netstandard2.1) (>= net50))
      Newtonsoft.Json (>= 12.0.2) - restriction: || (== net5.0-windows7.0) (== net50) (&& (== netstandard2.0) (>= net50)) (&& (== netstandard2.1) (>= net50))
      Newtonsoft.Json.Bson (>= 1.0.2) - restriction: || (== net5.0-windows7.0) (== net50) (&& (== netstandard2.0) (>= net50)) (&& (== netstandard2.1) (>= net50))
    Microsoft.AspNetCore.ResponseCaching.Abstractions (2.2)
      Microsoft.Extensions.Primitives (>= 2.2)
    Microsoft.AspNetCore.Routing (2.2.2)
      Microsoft.AspNetCore.Http.Extensions (>= 2.2)
      Microsoft.AspNetCore.Routing.Abstractions (>= 2.2)
      Microsoft.Extensions.Logging.Abstractions (>= 2.2)
      Microsoft.Extensions.ObjectPool (>= 2.2)
      Microsoft.Extensions.Options (>= 2.2)
    Microsoft.AspNetCore.Routing.Abstractions (2.2)
      Microsoft.AspNetCore.Http.Abstractions (>= 2.2)
    Microsoft.AspNetCore.SignalR.Client (5.0.2)
      Microsoft.AspNetCore.Http.Connections.Client (>= 5.0.2)
      Microsoft.AspNetCore.SignalR.Client.Core (>= 5.0.2)
    Microsoft.AspNetCore.SignalR.Client.Core (5.0.2)
      Microsoft.AspNetCore.SignalR.Common (>= 5.0.2)
      Microsoft.AspNetCore.SignalR.Protocols.Json (>= 5.0.2)
      Microsoft.Extensions.DependencyInjection (>= 5.0.1)
      Microsoft.Extensions.Logging (>= 5.0)
      System.Threading.Channels (>= 5.0)
    Microsoft.AspNetCore.SignalR.Common (5.0.2)
      Microsoft.AspNetCore.Connections.Abstractions (>= 5.0.2)
      Microsoft.Extensions.Options (>= 5.0)
      System.Text.Json (>= 5.0.1) - restriction: || (&& (== net5.0-windows7.0) (>= net461)) (&& (== net5.0-windows7.0) (< net50)) (&& (== net50) (>= net461)) (== netstandard2.0) (== netstandard2.1)
    Microsoft.AspNetCore.SignalR.Protocols.Json (5.0.2)
      Microsoft.AspNetCore.SignalR.Common (>= 5.0.2)
    Microsoft.AspNetCore.SignalR.Protocols.NewtonsoftJson (5.0.2)
      Microsoft.AspNetCore.SignalR.Common (>= 5.0.2)
      Newtonsoft.Json (>= 12.0.2)
    Microsoft.AspNetCore.WebUtilities (2.2)
      Microsoft.Net.Http.Headers (>= 2.2)
      System.Text.Encodings.Web (>= 4.5)
    Microsoft.Bcl.AsyncInterfaces (5.0) - restriction: || (&& (== net5.0-windows7.0) (>= monotouch)) (&& (== net5.0-windows7.0) (>= net461)) (&& (== net5.0-windows7.0) (< net50) (>= xamarinios)) (&& (== net5.0-windows7.0) (< net50) (>= xamarinmac)) (&& (== net5.0-windows7.0) (< net50) (>= xamarintvos)) (&& (== net5.0-windows7.0) (< net50) (>= xamarinwatchos)) (&& (== net5.0-windows7.0) (< netcoreapp2.0)) (&& (== net5.0-windows7.0) (< netcoreapp2.1)) (&& (== net5.0-windows7.0) (< netcoreapp3.0)) (&& (== net5.0-windows7.0) (< netstandard2.1)) (&& (== net5.0-windows7.0) (>= uap10.1)) (&& (== net50) (>= net461)) (&& (== net50) (< netstandard2.1)) (== netstandard2.0) (== netstandard2.1)
      System.Threading.Tasks.Extensions (>= 4.5.4) - restriction: || (&& (== net5.0-windows7.0) (>= net461)) (&& (== net5.0-windows7.0) (< netcoreapp2.1) (< netstandard2.1)) (&& (== net50) (>= net461)) (&& (== net50) (< netcoreapp2.1) (< netstandard2.1)) (== netstandard2.0) (&& (== netstandard2.1) (>= net461))
    Microsoft.CodeCoverage (16.8.3) - restriction: || (== net5.0-windows7.0) (== net50) (&& (== netstandard2.0) (>= net45)) (&& (== netstandard2.0) (>= netcoreapp2.1)) (&& (== netstandard2.1) (>= net45)) (&& (== netstandard2.1) (>= netcoreapp2.1))
    Microsoft.CSharp (4.7) - restriction: || (== net5.0-windows7.0) (== net50) (&& (== netstandard2.0) (>= net50)) (&& (== netstandard2.1) (>= net50))
    Microsoft.Data.Sqlite (5.0.2)
      Microsoft.Data.Sqlite.Core (>= 5.0.2)
      SQLitePCLRaw.bundle_e_sqlite3 (>= 2.0.4)
    Microsoft.Data.Sqlite.Core (5.0.2)
      SQLitePCLRaw.core (>= 2.0.4)
    Microsoft.Extensions.Caching.Abstractions (5.0)
      Microsoft.Extensions.Primitives (>= 5.0)
    Microsoft.Extensions.Caching.Memory (5.0)
      Microsoft.Extensions.Caching.Abstractions (>= 5.0)
      Microsoft.Extensions.DependencyInjection.Abstractions (>= 5.0)
      Microsoft.Extensions.Logging.Abstractions (>= 5.0)
      Microsoft.Extensions.Options (>= 5.0)
      Microsoft.Extensions.Primitives (>= 5.0)
    Microsoft.Extensions.Configuration (5.0)
      Microsoft.Extensions.Configuration.Abstractions (>= 5.0)
      Microsoft.Extensions.Primitives (>= 5.0)
    Microsoft.Extensions.Configuration.Abstractions (5.0)
      Microsoft.Extensions.Primitives (>= 5.0)
    Microsoft.Extensions.Configuration.Binder (5.0)
      Microsoft.Extensions.Configuration.Abstractions (>= 5.0)
    Microsoft.Extensions.Configuration.CommandLine (5.0)
      Microsoft.Extensions.Configuration (>= 5.0)
      Microsoft.Extensions.Configuration.Abstractions (>= 5.0)
    Microsoft.Extensions.Configuration.EnvironmentVariables (5.0)
      Microsoft.Extensions.Configuration (>= 5.0)
      Microsoft.Extensions.Configuration.Abstractions (>= 5.0)
    Microsoft.Extensions.Configuration.FileExtensions (5.0)
      Microsoft.Extensions.Configuration (>= 5.0)
      Microsoft.Extensions.Configuration.Abstractions (>= 5.0)
      Microsoft.Extensions.FileProviders.Abstractions (>= 5.0)
      Microsoft.Extensions.FileProviders.Physical (>= 5.0)
      Microsoft.Extensions.Primitives (>= 5.0)
    Microsoft.Extensions.Configuration.Json (5.0)
      Microsoft.Extensions.Configuration (>= 5.0)
      Microsoft.Extensions.Configuration.Abstractions (>= 5.0)
      Microsoft.Extensions.Configuration.FileExtensions (>= 5.0)
      Microsoft.Extensions.FileProviders.Abstractions (>= 5.0)
      System.Text.Json (>= 5.0) - restriction: || (&& (== net5.0-windows7.0) (>= net461)) (&& (== net5.0-windows7.0) (< net50)) (&& (== net5.0-windows7.0) (< netstandard2.1)) (&& (== net50) (>= net461)) (&& (== net50) (< netstandard2.1)) (== netstandard2.0) (== netstandard2.1)
    Microsoft.Extensions.Configuration.UserSecrets (5.0)
      Microsoft.Extensions.Configuration.Abstractions (>= 5.0)
      Microsoft.Extensions.Configuration.Json (>= 5.0)
      Microsoft.Extensions.FileProviders.Abstractions (>= 5.0)
      Microsoft.Extensions.FileProviders.Physical (>= 5.0)
    Microsoft.Extensions.DependencyInjection (5.0.1)
      Microsoft.Bcl.AsyncInterfaces (>= 5.0) - restriction: || (&& (== net5.0-windows7.0) (>= net461)) (&& (== net5.0-windows7.0) (< netstandard2.1)) (&& (== net50) (>= net461)) (&& (== net50) (< netstandard2.1)) (== netstandard2.0) (&& (== netstandard2.1) (>= net461))
      Microsoft.Extensions.DependencyInjection.Abstractions (>= 5.0)
      System.Threading.Tasks.Extensions (>= 4.5.4) - restriction: || (&& (== net5.0-windows7.0) (>= net461)) (&& (== net5.0-windows7.0) (< netcoreapp2.1) (< netstandard2.1)) (&& (== net50) (>= net461)) (&& (== net50) (< netcoreapp2.1) (< netstandard2.1)) (== netstandard2.0) (&& (== netstandard2.1) (>= net461))
    Microsoft.Extensions.DependencyInjection.Abstractions (5.0)
    Microsoft.Extensions.DependencyModel (5.0)
      System.Buffers (>= 4.5.1) - restriction: || (&& (== net5.0-windows7.0) (>= monotouch)) (&& (== net5.0-windows7.0) (>= net461)) (&& (== net5.0-windows7.0) (< netcoreapp2.0)) (&& (== net5.0-windows7.0) (< netstandard2.0) (>= xamarintvos)) (&& (== net5.0-windows7.0) (< netstandard2.0) (>= xamarinwatchos)) (&& (== net50) (>= monotouch)) (&& (== net50) (>= net461)) (&& (== net50) (< netcoreapp2.0)) (&& (== net50) (< netstandard2.0) (>= xamarintvos)) (&& (== net50) (< netstandard2.0) (>= xamarinwatchos)) (== netstandard2.0) (== netstandard2.1)
      System.Memory (>= 4.5.4) - restriction: || (&& (== net5.0-windows7.0) (>= net461)) (&& (== net5.0-windows7.0) (< netcoreapp2.0)) (&& (== net5.0-windows7.0) (< netcoreapp2.1)) (&& (== net5.0-windows7.0) (>= uap10.1)) (&& (== net50) (>= net461)) (&& (== net50) (< netcoreapp2.0)) (&& (== net50) (< netcoreapp2.1)) (&& (== net50) (>= uap10.1)) (== netstandard2.0) (== netstandard2.1)
      System.Text.Encodings.Web (>= 5.0) - restriction: || (&& (== net5.0-windows7.0) (>= monotouch)) (&& (== net5.0-windows7.0) (>= net461)) (&& (== net5.0-windows7.0) (< net50)) (&& (== net5.0-windows7.0) (< netcoreapp2.0)) (&& (== net5.0-windows7.0) (< netcoreapp2.1)) (&& (== net5.0-windows7.0) (< netstandard2.0) (>= xamarintvos)) (&& (== net5.0-windows7.0) (< netstandard2.0) (>= xamarinwatchos)) (&& (== net5.0-windows7.0) (>= uap10.1)) (&& (== net50) (>= monotouch)) (&& (== net50) (>= net461)) (&& (== net50) (< netcoreapp2.0)) (&& (== net50) (< netcoreapp2.1)) (&& (== net50) (< netstandard2.0) (>= xamarintvos)) (&& (== net50) (< netstandard2.0) (>= xamarinwatchos)) (&& (== net50) (>= uap10.1)) (== netstandard2.0) (== netstandard2.1)
      System.Text.Json (>= 5.0) - restriction: || (&& (== net5.0-windows7.0) (>= monotouch)) (&& (== net5.0-windows7.0) (>= net461)) (&& (== net5.0-windows7.0) (< net50)) (&& (== net5.0-windows7.0) (< netcoreapp2.0)) (&& (== net5.0-windows7.0) (< netcoreapp2.1)) (&& (== net5.0-windows7.0) (< netstandard2.0) (>= xamarintvos)) (&& (== net5.0-windows7.0) (< netstandard2.0) (>= xamarinwatchos)) (&& (== net5.0-windows7.0) (>= uap10.1)) (&& (== net50) (>= monotouch)) (&& (== net50) (>= net461)) (&& (== net50) (< netcoreapp2.0)) (&& (== net50) (< netcoreapp2.1)) (&& (== net50) (< netstandard2.0) (>= xamarintvos)) (&& (== net50) (< netstandard2.0) (>= xamarinwatchos)) (&& (== net50) (>= uap10.1)) (== netstandard2.0) (== netstandard2.1)
    Microsoft.Extensions.FileProviders.Abstractions (5.0)
      Microsoft.Extensions.Primitives (>= 5.0)
    Microsoft.Extensions.FileProviders.Physical (5.0)
      Microsoft.Extensions.FileProviders.Abstractions (>= 5.0)
      Microsoft.Extensions.FileSystemGlobbing (>= 5.0)
      Microsoft.Extensions.Primitives (>= 5.0)
    Microsoft.Extensions.FileSystemGlobbing (5.0)
    Microsoft.Extensions.Hosting (5.0)
      Microsoft.Bcl.AsyncInterfaces (>= 5.0) - restriction: || (&& (== net5.0-windows7.0) (>= net461)) (&& (== net5.0-windows7.0) (< netstandard2.1)) (&& (== net50) (>= net461)) (&& (== net50) (< netstandard2.1)) (== netstandard2.0) (&& (== netstandard2.1) (>= net461))
      Microsoft.Extensions.Configuration (>= 5.0)
      Microsoft.Extensions.Configuration.Abstractions (>= 5.0)
      Microsoft.Extensions.Configuration.Binder (>= 5.0)
      Microsoft.Extensions.Configuration.CommandLine (>= 5.0)
      Microsoft.Extensions.Configuration.EnvironmentVariables (>= 5.0)
      Microsoft.Extensions.Configuration.FileExtensions (>= 5.0)
      Microsoft.Extensions.Configuration.Json (>= 5.0)
      Microsoft.Extensions.Configuration.UserSecrets (>= 5.0)
      Microsoft.Extensions.DependencyInjection (>= 5.0)
      Microsoft.Extensions.DependencyInjection.Abstractions (>= 5.0)
      Microsoft.Extensions.FileProviders.Abstractions (>= 5.0)
      Microsoft.Extensions.FileProviders.Physical (>= 5.0)
      Microsoft.Extensions.Hosting.Abstractions (>= 5.0)
      Microsoft.Extensions.Logging (>= 5.0)
      Microsoft.Extensions.Logging.Abstractions (>= 5.0)
      Microsoft.Extensions.Logging.Configuration (>= 5.0)
      Microsoft.Extensions.Logging.Console (>= 5.0)
      Microsoft.Extensions.Logging.Debug (>= 5.0)
      Microsoft.Extensions.Logging.EventLog (>= 5.0)
      Microsoft.Extensions.Logging.EventSource (>= 5.0)
      Microsoft.Extensions.Options (>= 5.0)
      System.Threading.Tasks.Extensions (>= 4.5.4) - restriction: || (&& (== net5.0-windows7.0) (>= net461)) (&& (== net5.0-windows7.0) (< netcoreapp2.1) (< netstandard2.1)) (&& (== net50) (>= net461)) (&& (== net50) (< netcoreapp2.1) (< netstandard2.1)) (== netstandard2.0) (&& (== netstandard2.1) (>= net461))
    Microsoft.Extensions.Hosting.Abstractions (5.0)
      Microsoft.Bcl.AsyncInterfaces (>= 5.0) - restriction: || (&& (== net5.0-windows7.0) (>= net461)) (&& (== net5.0-windows7.0) (< netstandard2.1)) (&& (== net50) (>= net461)) (&& (== net50) (< netstandard2.1)) (== netstandard2.0) (&& (== netstandard2.1) (>= net461))
      Microsoft.Extensions.Configuration.Abstractions (>= 5.0)
      Microsoft.Extensions.DependencyInjection.Abstractions (>= 5.0)
      Microsoft.Extensions.FileProviders.Abstractions (>= 5.0)
      System.Threading.Tasks.Extensions (>= 4.5.4) - restriction: || (&& (== net5.0-windows7.0) (>= net461)) (&& (== net5.0-windows7.0) (< netcoreapp2.1) (< netstandard2.1)) (&& (== net50) (>= net461)) (&& (== net50) (< netcoreapp2.1) (< netstandard2.1)) (== netstandard2.0) (&& (== netstandard2.1) (>= net461))
    Microsoft.Extensions.Http (5.0)
      Microsoft.Extensions.DependencyInjection.Abstractions (>= 5.0)
      Microsoft.Extensions.Logging (>= 5.0)
      Microsoft.Extensions.Logging.Abstractions (>= 5.0)
      Microsoft.Extensions.Options (>= 5.0)
    Microsoft.Extensions.Logging (5.0)
      Microsoft.Extensions.DependencyInjection (>= 5.0)
      Microsoft.Extensions.DependencyInjection.Abstractions (>= 5.0)
      Microsoft.Extensions.Logging.Abstractions (>= 5.0)
      Microsoft.Extensions.Options (>= 5.0)
      System.Diagnostics.DiagnosticSource (>= 5.0) - restriction: || (&& (== net5.0-windows7.0) (>= net461)) (&& (== net5.0-windows7.0) (< net50)) (&& (== net5.0-windows7.0) (< netstandard2.1)) (&& (== net50) (>= net461)) (&& (== net50) (< netstandard2.1)) (== netstandard2.0) (== netstandard2.1)
    Microsoft.Extensions.Logging.Abstractions (5.0)
    Microsoft.Extensions.Logging.Configuration (5.0)
      Microsoft.Extensions.Configuration (>= 5.0)
      Microsoft.Extensions.Configuration.Abstractions (>= 5.0)
      Microsoft.Extensions.Configuration.Binder (>= 5.0)
      Microsoft.Extensions.DependencyInjection.Abstractions (>= 5.0)
      Microsoft.Extensions.Logging (>= 5.0)
      Microsoft.Extensions.Logging.Abstractions (>= 5.0)
      Microsoft.Extensions.Options (>= 5.0)
      Microsoft.Extensions.Options.ConfigurationExtensions (>= 5.0)
    Microsoft.Extensions.Logging.Console (5.0)
      Microsoft.Extensions.Configuration.Abstractions (>= 5.0)
      Microsoft.Extensions.DependencyInjection.Abstractions (>= 5.0)
      Microsoft.Extensions.Logging (>= 5.0)
      Microsoft.Extensions.Logging.Abstractions (>= 5.0)
      Microsoft.Extensions.Logging.Configuration (>= 5.0)
      Microsoft.Extensions.Options (>= 5.0)
      Microsoft.Extensions.Options.ConfigurationExtensions (>= 5.0)
      System.Buffers (>= 4.5.1) - restriction: || (&& (== net5.0-windows7.0) (>= monotouch)) (&& (== net5.0-windows7.0) (>= net461)) (&& (== net5.0-windows7.0) (< netcoreapp2.0)) (&& (== net5.0-windows7.0) (< netstandard2.0) (>= xamarintvos)) (&& (== net5.0-windows7.0) (< netstandard2.0) (>= xamarinwatchos)) (&& (== net50) (>= monotouch)) (&& (== net50) (>= net461)) (&& (== net50) (< netcoreapp2.0)) (&& (== net50) (< netstandard2.0) (>= xamarintvos)) (&& (== net50) (< netstandard2.0) (>= xamarinwatchos)) (== netstandard2.0) (== netstandard2.1)
      System.Memory (>= 4.5.4) - restriction: || (&& (== net5.0-windows7.0) (>= net461)) (&& (== net5.0-windows7.0) (< netcoreapp2.0)) (&& (== net5.0-windows7.0) (< netcoreapp2.1)) (&& (== net5.0-windows7.0) (>= uap10.1)) (&& (== net50) (>= net461)) (&& (== net50) (< netcoreapp2.0)) (&& (== net50) (< netcoreapp2.1)) (&& (== net50) (>= uap10.1)) (== netstandard2.0) (== netstandard2.1)
      System.Text.Json (>= 5.0) - restriction: || (&& (== net5.0-windows7.0) (>= monotouch)) (&& (== net5.0-windows7.0) (>= net461)) (&& (== net5.0-windows7.0) (< net50)) (&& (== net5.0-windows7.0) (< netcoreapp2.0)) (&& (== net5.0-windows7.0) (< netcoreapp2.1)) (&& (== net5.0-windows7.0) (< netcoreapp3.0)) (&& (== net5.0-windows7.0) (< netstandard2.0) (>= xamarintvos)) (&& (== net5.0-windows7.0) (< netstandard2.0) (>= xamarinwatchos)) (&& (== net5.0-windows7.0) (>= uap10.1)) (&& (== net50) (>= monotouch)) (&& (== net50) (>= net461)) (&& (== net50) (< netcoreapp2.0)) (&& (== net50) (< netcoreapp2.1)) (&& (== net50) (< netcoreapp3.0)) (&& (== net50) (< netstandard2.0) (>= xamarintvos)) (&& (== net50) (< netstandard2.0) (>= xamarinwatchos)) (&& (== net50) (>= uap10.1)) (== netstandard2.0) (== netstandard2.1)
    Microsoft.Extensions.Logging.Debug (5.0)
      Microsoft.Extensions.DependencyInjection.Abstractions (>= 5.0)
      Microsoft.Extensions.Logging (>= 5.0)
      Microsoft.Extensions.Logging.Abstractions (>= 5.0)
    Microsoft.Extensions.Logging.EventLog (5.0)
      Microsoft.Extensions.DependencyInjection.Abstractions (>= 5.0)
      Microsoft.Extensions.Logging (>= 5.0)
      Microsoft.Extensions.Logging.Abstractions (>= 5.0)
      Microsoft.Extensions.Options (>= 5.0)
      System.Diagnostics.EventLog (>= 5.0)
    Microsoft.Extensions.Logging.EventSource (5.0)
      Microsoft.Extensions.DependencyInjection.Abstractions (>= 5.0)
      Microsoft.Extensions.Logging (>= 5.0)
      Microsoft.Extensions.Logging.Abstractions (>= 5.0)
      Microsoft.Extensions.Options (>= 5.0)
      Microsoft.Extensions.Primitives (>= 5.0)
      System.Runtime.CompilerServices.Unsafe (>= 5.0) - restriction: || (&& (== net5.0-windows7.0) (>= net461)) (&& (== net5.0-windows7.0) (< netcoreapp3.0)) (&& (== net50) (>= net461)) (&& (== net50) (< netcoreapp3.0)) (== netstandard2.0) (== netstandard2.1)
      System.Text.Json (>= 5.0) - restriction: || (&& (== net5.0-windows7.0) (>= net461)) (&& (== net5.0-windows7.0) (< netcoreapp3.0)) (&& (== net50) (>= net461)) (&& (== net50) (< netcoreapp3.0)) (== netstandard2.0) (== netstandard2.1)
    Microsoft.Extensions.ObjectPool (5.0.2)
    Microsoft.Extensions.Options (5.0)
      Microsoft.Extensions.DependencyInjection.Abstractions (>= 5.0)
      Microsoft.Extensions.Primitives (>= 5.0)
    Microsoft.Extensions.Options.ConfigurationExtensions (5.0)
      Microsoft.Extensions.Configuration.Abstractions (>= 5.0)
      Microsoft.Extensions.Configuration.Binder (>= 5.0)
      Microsoft.Extensions.DependencyInjection.Abstractions (>= 5.0)
      Microsoft.Extensions.Options (>= 5.0)
      Microsoft.Extensions.Primitives (>= 5.0)
    Microsoft.Extensions.Primitives (5.0)
      System.Buffers (>= 4.5.1) - restriction: || (&& (== net5.0-windows7.0) (>= monotouch)) (&& (== net5.0-windows7.0) (>= net461)) (&& (== net5.0-windows7.0) (< netcoreapp2.0)) (&& (== net5.0-windows7.0) (>= xamarinios)) (&& (== net5.0-windows7.0) (>= xamarinmac)) (&& (== net5.0-windows7.0) (>= xamarintvos)) (&& (== net5.0-windows7.0) (>= xamarinwatchos)) (&& (== net50) (>= monotouch)) (&& (== net50) (>= net461)) (&& (== net50) (< netcoreapp2.0)) (&& (== net50) (>= xamarinios)) (&& (== net50) (>= xamarinmac)) (&& (== net50) (>= xamarintvos)) (&& (== net50) (>= xamarinwatchos)) (== netstandard2.0) (== netstandard2.1)
      System.Memory (>= 4.5.4) - restriction: || (&& (== net5.0-windows7.0) (>= net461)) (&& (== net5.0-windows7.0) (< netcoreapp2.0)) (&& (== net5.0-windows7.0) (< netcoreapp2.1)) (&& (== net5.0-windows7.0) (>= uap10.1)) (&& (== net50) (>= net461)) (&& (== net50) (< netcoreapp2.0)) (&& (== net50) (< netcoreapp2.1)) (&& (== net50) (>= uap10.1)) (== netstandard2.0) (== netstandard2.1)
      System.Runtime.CompilerServices.Unsafe (>= 5.0) - restriction: || (&& (== net5.0-windows7.0) (>= monotouch)) (&& (== net5.0-windows7.0) (>= net461)) (&& (== net5.0-windows7.0) (< netcoreapp2.0)) (&& (== net5.0-windows7.0) (< netcoreapp2.1)) (&& (== net5.0-windows7.0) (< netcoreapp3.0)) (&& (== net5.0-windows7.0) (>= uap10.1)) (&& (== net5.0-windows7.0) (>= xamarinios)) (&& (== net5.0-windows7.0) (>= xamarinmac)) (&& (== net5.0-windows7.0) (>= xamarintvos)) (&& (== net5.0-windows7.0) (>= xamarinwatchos)) (&& (== net50) (>= monotouch)) (&& (== net50) (>= net461)) (&& (== net50) (< netcoreapp2.0)) (&& (== net50) (< netcoreapp2.1)) (&& (== net50) (< netcoreapp3.0)) (&& (== net50) (>= uap10.1)) (&& (== net50) (>= xamarinios)) (&& (== net50) (>= xamarinmac)) (&& (== net50) (>= xamarintvos)) (&& (== net50) (>= xamarinwatchos)) (== netstandard2.0) (== netstandard2.1)
    Microsoft.Net.Http.Headers (2.2.8)
      Microsoft.Extensions.Primitives (>= 2.2)
      System.Buffers (>= 4.5)
    Microsoft.NET.Test.Sdk (16.8.3)
      Microsoft.CodeCoverage (>= 16.8.3) - restriction: || (== net5.0-windows7.0) (== net50) (&& (== netstandard2.0) (>= net45)) (&& (== netstandard2.0) (>= netcoreapp2.1)) (&& (== netstandard2.1) (>= net45)) (&& (== netstandard2.1) (>= netcoreapp2.1))
      Microsoft.TestPlatform.TestHost (>= 16.8.3) - restriction: || (== net5.0-windows7.0) (== net50) (&& (== netstandard2.0) (>= netcoreapp2.1)) (&& (== netstandard2.1) (>= netcoreapp2.1))
    Microsoft.NETCore.Platforms (5.0)
    Microsoft.NETCore.Targets (5.0)
    Microsoft.TestPlatform.ObjectModel (16.8.3) - restriction: || (== net5.0-windows7.0) (== net50) (&& (== netstandard2.0) (>= netcoreapp2.1)) (&& (== netstandard2.1) (>= netcoreapp2.1))
      NuGet.Frameworks (>= 5.0)
      System.Reflection.Metadata (>= 1.6)
      System.Runtime.InteropServices.RuntimeInformation (>= 4.0)
    Microsoft.TestPlatform.TestHost (16.8.3) - restriction: || (== net5.0-windows7.0) (== net50) (&& (== netstandard2.0) (>= netcoreapp2.1)) (&& (== netstandard2.1) (>= netcoreapp2.1))
      Microsoft.TestPlatform.ObjectModel (>= 16.8.3) - restriction: || (== net5.0-windows7.0) (== net50) (&& (== netstandard2.0) (>= netcoreapp2.1)) (&& (== netstandard2.0) (>= uap10.0)) (&& (== netstandard2.1) (>= netcoreapp2.1)) (&& (== netstandard2.1) (>= uap10.0))
      Newtonsoft.Json (>= 9.0.1) - restriction: || (== net5.0-windows7.0) (== net50) (&& (== netstandard2.0) (>= netcoreapp2.1)) (&& (== netstandard2.0) (>= uap10.0)) (&& (== netstandard2.1) (>= netcoreapp2.1)) (&& (== netstandard2.1) (>= uap10.0))
    Microsoft.Win32.Registry (5.0) - restriction: || (== net5.0-windows7.0) (== net50) (&& (== netstandard2.0) (>= netcoreapp2.0)) (&& (== netstandard2.1) (>= netcoreapp2.0))
      System.Security.AccessControl (>= 5.0)
      System.Security.Principal.Windows (>= 5.0)
    NETStandard.Library (2.0.3)
      Microsoft.NETCore.Platforms (>= 1.1)
    Newtonsoft.Json (12.0.3)
    Newtonsoft.Json.Bson (1.0.2) - restriction: || (== net5.0-windows7.0) (== net50) (&& (== netstandard2.0) (>= net50)) (&& (== netstandard2.1) (>= net50))
      Newtonsoft.Json (>= 12.0.1)
    NuGet.Frameworks (5.8.1) - restriction: || (== net5.0-windows7.0) (== net50) (&& (== netstandard2.0) (>= netcoreapp2.1)) (&& (== netstandard2.1) (>= netcoreapp2.1))
    Proto.Actor (0.9)
      Google.Protobuf (>= 3.11.4)
      Microsoft.Extensions.Logging.Abstractions (>= 2.2)
      System.Collections.Immutable (>= 1.7)
      System.Threading.Channels (>= 4.6)
    Proto.Persistence (0.9)
    Proto.Remote (0.9)
      Grpc (>= 2.27)
      Grpc.HealthCheck (>= 2.31)
      Proto.Actor (>= 0.9)
    RestEase (1.5.2)
      Newtonsoft.Json (>= 11.0.1)
      System.Reflection.Emit (>= 4.0.1) - restriction: || (&& (== net5.0-windows7.0) (< netstandard2.0)) (&& (== net5.0-windows7.0) (< netstandard2.1)) (&& (== net50) (< netstandard2.0)) (&& (== net50) (< netstandard2.1)) (== netstandard2.0) (&& (== netstandard2.1) (< netstandard2.0))
    RestEase.SourceGenerator (1.5.2)
    runtime.native.System (4.3.1)
      Microsoft.NETCore.Platforms (>= 1.1.1)
      Microsoft.NETCore.Targets (>= 1.1.3)
    Serilog (2.10)
    Serilog.Extensions.Logging (3.0.1)
      Microsoft.Extensions.Logging (>= 2.0)
      Serilog (>= 2.8)
    Serilog.Sinks.Console (3.1.1)
      Serilog (>= 2.5)
      System.Console (>= 4.3)
      System.Runtime.InteropServices (>= 4.3) - restriction: || (== net5.0-windows7.0) (== net50) (&& (== netstandard2.0) (>= netcoreapp1.1)) (&& (== netstandard2.1) (>= netcoreapp1.1))
      System.Runtime.InteropServices.RuntimeInformation (>= 4.3) - restriction: || (== net5.0-windows7.0) (== net50) (&& (== netstandard2.0) (>= netcoreapp1.1)) (&& (== netstandard2.1) (>= netcoreapp1.1))
    Serilog.Sinks.File (4.1)
      Serilog (>= 2.5)
      System.IO.FileSystem (>= 4.0.1)
      System.Text.Encoding.Extensions (>= 4.0.11)
      System.Threading.Timer (>= 4.0.1)
    Serilog.Sinks.Trace (2.1)
      Serilog (>= 2.0)
      System.Diagnostics.TraceSource (>= 4.0)
    Spectre.Console (0.39)
      System.Memory (>= 4.5) - restriction: || (&& (== net5.0-windows7.0) (< net50)) (== netstandard2.0) (== netstandard2.1)
      Wcwidth (>= 0.2)
    Sprache (2.3.1)
      System.Globalization (>= 4.3)
      System.Linq (>= 4.3)
      System.Private.Uri (>= 4.3.2)
      System.Runtime (>= 4.3)
      System.Text.RegularExpressions (>= 4.3)
    SQLitePCLRaw.bundle_e_sqlite3 (2.0.4)
      SQLitePCLRaw.core (>= 2.0.4)
      SQLitePCLRaw.lib.e_sqlite3 (>= 2.0.4)
      SQLitePCLRaw.provider.dynamic_cdecl (>= 2.0.4) - restriction: || (== net5.0-windows7.0) (== net50) (&& (== netstandard2.0) (>= net461)) (&& (== netstandard2.0) (>= netcoreapp3.1)) (&& (== netstandard2.1) (>= net461)) (&& (== netstandard2.1) (>= netcoreapp3.1))
      SQLitePCLRaw.provider.e_sqlite3 (>= 2.0.4)
    SQLitePCLRaw.core (2.0.4)
      System.Memory (>= 4.5.3)
    SQLitePCLRaw.lib.e_sqlite3 (2.0.4)
    SQLitePCLRaw.provider.dynamic_cdecl (2.0.4) - restriction: || (== net5.0-windows7.0) (== net50) (&& (== netstandard2.0) (>= net461)) (&& (== netstandard2.0) (>= netcoreapp3.1)) (&& (== netstandard2.1) (>= net461)) (&& (== netstandard2.1) (>= netcoreapp3.1))
      SQLitePCLRaw.core (>= 2.0.4)
    SQLitePCLRaw.provider.e_sqlite3 (2.0.4)
      SQLitePCLRaw.core (>= 2.0.4)
    System.Buffers (4.5.1)
    System.CodeDom (5.0)
    System.Collections (4.3)
      Microsoft.NETCore.Platforms (>= 1.1)
      Microsoft.NETCore.Targets (>= 1.1)
      System.Runtime (>= 4.3)
    System.Collections.Immutable (5.0)
      System.Memory (>= 4.5.4) - restriction: || (&& (== net5.0-windows7.0) (>= net461)) (&& (== net5.0-windows7.0) (< netcoreapp2.1)) (&& (== net5.0-windows7.0) (< netstandard2.0)) (&& (== net5.0-windows7.0) (>= uap10.1)) (&& (== net50) (>= net461)) (&& (== net50) (< netcoreapp2.1)) (&& (== net50) (< netstandard2.0)) (&& (== net50) (>= uap10.1)) (== netstandard2.0) (== netstandard2.1)
    System.Console (4.3.1)
      Microsoft.NETCore.Platforms (>= 1.1)
      Microsoft.NETCore.Targets (>= 1.1.2)
      System.IO (>= 4.3)
      System.Runtime (>= 4.3)
      System.Text.Encoding (>= 4.3)
    System.Diagnostics.Debug (4.3)
      Microsoft.NETCore.Platforms (>= 1.1)
      Microsoft.NETCore.Targets (>= 1.1)
      System.Runtime (>= 4.3)
    System.Diagnostics.DiagnosticSource (5.0.1)
      System.Memory (>= 4.5.4) - restriction: || (&& (== net5.0-windows7.0) (>= net45) (< netstandard1.3)) (&& (== net5.0-windows7.0) (>= net46)) (&& (== net5.0-windows7.0) (< netcoreapp2.1)) (&& (== net5.0-windows7.0) (< netstandard2.0)) (&& (== net5.0-windows7.0) (>= uap10.1)) (&& (== net50) (>= net45) (< netstandard1.3)) (&& (== net50) (>= net46)) (&& (== net50) (< netcoreapp2.1)) (&& (== net50) (< netstandard2.0)) (&& (== net50) (>= uap10.1)) (== netstandard2.0) (== netstandard2.1)
      System.Runtime.CompilerServices.Unsafe (>= 5.0) - restriction: || (&& (== net5.0-windows7.0) (>= monotouch)) (&& (== net5.0-windows7.0) (>= net45) (< netstandard1.3)) (&& (== net5.0-windows7.0) (>= net46)) (&& (== net5.0-windows7.0) (< netcoreapp2.1)) (&& (== net5.0-windows7.0) (< netcoreapp3.0)) (&& (== net5.0-windows7.0) (< netstandard2.0)) (&& (== net5.0-windows7.0) (>= uap10.1)) (&& (== net50) (>= monotouch)) (&& (== net50) (>= net45) (< netstandard1.3)) (&& (== net50) (>= net46)) (&& (== net50) (< netcoreapp2.1)) (&& (== net50) (< netcoreapp3.0)) (&& (== net50) (< netstandard2.0)) (&& (== net50) (>= uap10.1)) (== netstandard2.0) (== netstandard2.1)
    System.Diagnostics.EventLog (5.0)
      Microsoft.NETCore.Platforms (>= 5.0) - restriction: || (== net5.0-windows7.0) (== net50) (&& (== netstandard2.0) (>= netcoreapp2.0)) (&& (== netstandard2.1) (>= netcoreapp2.0))
      Microsoft.Win32.Registry (>= 5.0) - restriction: || (== net5.0-windows7.0) (== net50) (&& (== netstandard2.0) (>= netcoreapp2.0)) (&& (== netstandard2.1) (>= netcoreapp2.0))
      System.Security.Principal.Windows (>= 5.0)
    System.Diagnostics.TraceSource (4.3)
      Microsoft.NETCore.Platforms (>= 1.1)
      runtime.native.System (>= 4.3)
      System.Collections (>= 4.3)
      System.Diagnostics.Debug (>= 4.3)
      System.Globalization (>= 4.3)
      System.Resources.ResourceManager (>= 4.3)
      System.Runtime (>= 4.3)
      System.Runtime.Extensions (>= 4.3)
      System.Threading (>= 4.3)
    System.Globalization (4.3)
      Microsoft.NETCore.Platforms (>= 1.1)
      Microsoft.NETCore.Targets (>= 1.1)
      System.Runtime (>= 4.3)
    System.Interactive (5.0)
    System.IO (4.3)
      Microsoft.NETCore.Platforms (>= 1.1)
      Microsoft.NETCore.Targets (>= 1.1)
      System.Runtime (>= 4.3)
      System.Text.Encoding (>= 4.3)
      System.Threading.Tasks (>= 4.3)
    System.IO.FileSystem (4.3)
      Microsoft.NETCore.Platforms (>= 1.1)
      Microsoft.NETCore.Targets (>= 1.1)
      System.IO (>= 4.3)
      System.IO.FileSystem.Primitives (>= 4.3)
      System.Runtime (>= 4.3)
      System.Runtime.Handles (>= 4.3)
      System.Text.Encoding (>= 4.3)
      System.Threading.Tasks (>= 4.3)
    System.IO.FileSystem.Primitives (4.3)
      System.Runtime (>= 4.3)
    System.IO.Pipelines (5.0.1)
      System.Buffers (>= 4.5.1) - restriction: || (&& (== net5.0-windows7.0) (>= monotouch)) (&& (== net5.0-windows7.0) (>= net461)) (&& (== net5.0-windows7.0) (< netcoreapp2.0)) (&& (== net5.0-windows7.0) (< netstandard2.0)) (&& (== net5.0-windows7.0) (>= xamarinios)) (&& (== net5.0-windows7.0) (>= xamarinmac)) (&& (== net5.0-windows7.0) (>= xamarintvos)) (&& (== net5.0-windows7.0) (>= xamarinwatchos)) (&& (== net50) (>= monotouch)) (&& (== net50) (>= net461)) (&& (== net50) (< netcoreapp2.0)) (&& (== net50) (< netstandard2.0)) (&& (== net50) (>= xamarinios)) (&& (== net50) (>= xamarinmac)) (&& (== net50) (>= xamarintvos)) (&& (== net50) (>= xamarinwatchos)) (== netstandard2.0) (== netstandard2.1)
      System.Memory (>= 4.5.4) - restriction: || (&& (== net5.0-windows7.0) (>= net461)) (&& (== net5.0-windows7.0) (< netcoreapp2.0)) (&& (== net5.0-windows7.0) (< netcoreapp2.1)) (&& (== net5.0-windows7.0) (< netstandard2.0)) (&& (== net5.0-windows7.0) (>= uap10.1)) (&& (== net50) (>= net461)) (&& (== net50) (< netcoreapp2.0)) (&& (== net50) (< netcoreapp2.1)) (&& (== net50) (< netstandard2.0)) (&& (== net50) (>= uap10.1)) (== netstandard2.0) (== netstandard2.1)
      System.Threading.Tasks.Extensions (>= 4.5.4) - restriction: || (&& (== net5.0-windows7.0) (>= net461)) (&& (== net5.0-windows7.0) (< netcoreapp2.0)) (&& (== net5.0-windows7.0) (< netcoreapp2.1)) (&& (== net5.0-windows7.0) (< netstandard2.0)) (&& (== net5.0-windows7.0) (>= uap10.1)) (&& (== net50) (>= net461)) (&& (== net50) (< netcoreapp2.0)) (&& (== net50) (< netcoreapp2.1)) (&& (== net50) (< netstandard2.0)) (&& (== net50) (>= uap10.1)) (== netstandard2.0) (== netstandard2.1)
    System.Linq (4.3)
      System.Collections (>= 4.3)
      System.Diagnostics.Debug (>= 4.3)
      System.Resources.ResourceManager (>= 4.3)
      System.Runtime (>= 4.3)
      System.Runtime.Extensions (>= 4.3)
    System.Management (5.0)
      Microsoft.NETCore.Platforms (>= 5.0) - restriction: || (== net5.0-windows7.0) (== net50) (&& (== netstandard2.0) (>= netcoreapp2.0)) (&& (== netstandard2.1) (>= netcoreapp2.0))
      Microsoft.Win32.Registry (>= 5.0) - restriction: || (== net5.0-windows7.0) (== net50) (&& (== netstandard2.0) (>= netcoreapp2.0)) (&& (== netstandard2.1) (>= netcoreapp2.0))
      System.CodeDom (>= 5.0)
    System.Memory (4.5.4)
      System.Buffers (>= 4.5.1) - restriction: || (&& (== net5.0-windows7.0) (>= monotouch)) (&& (== net5.0-windows7.0) (>= net461)) (&& (== net5.0-windows7.0) (< netcoreapp2.0)) (&& (== net5.0-windows7.0) (< netstandard1.1)) (&& (== net5.0-windows7.0) (< netstandard2.0)) (&& (== net5.0-windows7.0) (>= xamarinios)) (&& (== net5.0-windows7.0) (>= xamarinmac)) (&& (== net5.0-windows7.0) (>= xamarintvos)) (&& (== net5.0-windows7.0) (>= xamarinwatchos)) (&& (== net50) (>= monotouch)) (&& (== net50) (>= net461)) (&& (== net50) (< netcoreapp2.0)) (&& (== net50) (< netstandard1.1)) (&& (== net50) (< netstandard2.0)) (&& (== net50) (>= xamarinios)) (&& (== net50) (>= xamarinmac)) (&& (== net50) (>= xamarintvos)) (&& (== net50) (>= xamarinwatchos)) (== netstandard2.0) (== netstandard2.1)
      System.Numerics.Vectors (>= 4.4) - restriction: || (&& (== net5.0-windows7.0) (< netcoreapp2.0)) (&& (== net50) (< netcoreapp2.0)) (== netstandard2.0) (== netstandard2.1)
      System.Runtime.CompilerServices.Unsafe (>= 4.5.3) - restriction: || (&& (== net5.0-windows7.0) (>= monotouch)) (&& (== net5.0-windows7.0) (>= net461)) (&& (== net5.0-windows7.0) (< netcoreapp2.0)) (&& (== net5.0-windows7.0) (< netcoreapp2.1)) (&& (== net5.0-windows7.0) (< netstandard1.1)) (&& (== net5.0-windows7.0) (< netstandard2.0)) (&& (== net5.0-windows7.0) (>= uap10.1)) (&& (== net5.0-windows7.0) (>= xamarinios)) (&& (== net5.0-windows7.0) (>= xamarinmac)) (&& (== net5.0-windows7.0) (>= xamarintvos)) (&& (== net5.0-windows7.0) (>= xamarinwatchos)) (&& (== net50) (>= monotouch)) (&& (== net50) (>= net461)) (&& (== net50) (< netcoreapp2.0)) (&& (== net50) (< netcoreapp2.1)) (&& (== net50) (< netstandard1.1)) (&& (== net50) (< netstandard2.0)) (&& (== net50) (>= uap10.1)) (&& (== net50) (>= xamarinios)) (&& (== net50) (>= xamarinmac)) (&& (== net50) (>= xamarintvos)) (&& (== net50) (>= xamarinwatchos)) (== netstandard2.0) (== netstandard2.1)
    System.Numerics.Vectors (4.5) - restriction: || (&& (== net5.0-windows7.0) (>= net461)) (&& (== net5.0-windows7.0) (< netcoreapp2.0)) (&& (== net50) (>= net461)) (== netstandard2.0) (== netstandard2.1)
    System.Private.Uri (4.3.2)
      Microsoft.NETCore.Platforms (>= 1.1.1)
      Microsoft.NETCore.Targets (>= 1.1.3)
    System.Reactive (5.0)
      System.Runtime.InteropServices.WindowsRuntime (>= 4.3) - restriction: || (&& (== net5.0-windows7.0) (< netcoreapp3.1)) (&& (== net50) (< netcoreapp3.1)) (== netstandard2.0) (== netstandard2.1)
      System.Threading.Tasks.Extensions (>= 4.5.4) - restriction: || (&& (== net5.0-windows7.0) (>= net472)) (&& (== net5.0-windows7.0) (< netcoreapp3.1)) (&& (== net5.0-windows7.0) (>= uap10.1)) (&& (== net50) (>= net472)) (&& (== net50) (< netcoreapp3.1)) (&& (== net50) (>= uap10.1)) (== netstandard2.0) (== netstandard2.1)
    System.Reflection (4.3)
      Microsoft.NETCore.Platforms (>= 1.1)
      Microsoft.NETCore.Targets (>= 1.1)
      System.IO (>= 4.3)
      System.Reflection.Primitives (>= 4.3)
      System.Runtime (>= 4.3)
    System.Reflection.Emit (4.7) - restriction: || (&& (== net5.0-windows7.0) (< netstandard2.0)) (&& (== net5.0-windows7.0) (< netstandard2.1)) (&& (== net50) (< netstandard2.0)) (&& (== net50) (< netstandard2.1)) (== netstandard2.0) (&& (== netstandard2.1) (< netstandard2.0))
      System.Reflection.Emit.ILGeneration (>= 4.7) - restriction: || (&& (== net5.0-windows7.0) (< netcoreapp2.0) (< netstandard2.1)) (&& (== net5.0-windows7.0) (< netstandard1.1)) (&& (== net5.0-windows7.0) (< netstandard2.0)) (&& (== net5.0-windows7.0) (>= uap10.1)) (&& (== net50) (< netcoreapp2.0) (< netstandard2.1)) (&& (== net50) (< netstandard1.1)) (&& (== net50) (< netstandard2.0)) (&& (== net50) (>= uap10.1)) (== netstandard2.0) (&& (== netstandard2.1) (< netstandard1.1)) (&& (== netstandard2.1) (< netstandard2.0)) (&& (== netstandard2.1) (>= uap10.1))
    System.Reflection.Emit.ILGeneration (4.7) - restriction: || (&& (== net5.0-windows7.0) (< netcoreapp2.0) (< netstandard2.1)) (&& (== net5.0-windows7.0) (< netstandard1.1)) (&& (== net5.0-windows7.0) (< netstandard2.0)) (&& (== net5.0-windows7.0) (>= uap10.1)) (&& (== net50) (< netcoreapp2.0) (< netstandard2.1)) (&& (== net50) (< netstandard1.1)) (&& (== net50) (< netstandard2.0)) (&& (== net50) (>= uap10.1)) (== netstandard2.0) (&& (== netstandard2.1) (< netstandard1.1)) (&& (== netstandard2.1) (< netstandard2.0)) (&& (== netstandard2.1) (>= uap10.1))
    System.Reflection.Extensions (4.3) - restriction: || (== net5.0-windows7.0) (== net50) (&& (== netstandard2.0) (>= netcoreapp1.1)) (&& (== netstandard2.1) (>= netcoreapp1.1))
      Microsoft.NETCore.Platforms (>= 1.1)
      Microsoft.NETCore.Targets (>= 1.1)
      System.Reflection (>= 4.3)
      System.Runtime (>= 4.3)
    System.Reflection.Metadata (5.0)
      System.Collections.Immutable (>= 5.0) - restriction: || (&& (== net5.0-windows7.0) (>= net461)) (&& (== net5.0-windows7.0) (< net50)) (&& (== net5.0-windows7.0) (< netstandard1.1)) (&& (== net5.0-windows7.0) (< netstandard2.0)) (&& (== net50) (>= net461)) (&& (== net50) (< netstandard1.1)) (&& (== net50) (< netstandard2.0)) (== netstandard2.0) (== netstandard2.1)
    System.Reflection.Primitives (4.3) - restriction: || (== net5.0-windows7.0) (== net50) (&& (== netstandard2.0) (>= netcoreapp1.1)) (&& (== netstandard2.1) (>= netcoreapp1.1))
      Microsoft.NETCore.Platforms (>= 1.1)
      Microsoft.NETCore.Targets (>= 1.1)
      System.Runtime (>= 4.3)
    System.Resources.ResourceManager (4.3)
      Microsoft.NETCore.Platforms (>= 1.1)
      Microsoft.NETCore.Targets (>= 1.1)
      System.Globalization (>= 4.3)
      System.Reflection (>= 4.3)
      System.Runtime (>= 4.3)
    System.Runtime (4.3.1)
      Microsoft.NETCore.Platforms (>= 1.1.1)
      Microsoft.NETCore.Targets (>= 1.1.3)
    System.Runtime.CompilerServices.Unsafe (5.0)
    System.Runtime.Extensions (4.3.1)
      Microsoft.NETCore.Platforms (>= 1.1.1)
      Microsoft.NETCore.Targets (>= 1.1.3)
      System.Runtime (>= 4.3.1)
    System.Runtime.Handles (4.3)
      Microsoft.NETCore.Platforms (>= 1.1)
      Microsoft.NETCore.Targets (>= 1.1)
      System.Runtime (>= 4.3)
    System.Runtime.InteropServices (4.3) - restriction: || (== net5.0-windows7.0) (== net50) (&& (== netstandard2.0) (>= netcoreapp1.1)) (&& (== netstandard2.1) (>= netcoreapp1.1))
      Microsoft.NETCore.Platforms (>= 1.1)
      Microsoft.NETCore.Targets (>= 1.1)
      System.Reflection (>= 4.3)
      System.Reflection.Primitives (>= 4.3)
      System.Runtime (>= 4.3)
      System.Runtime.Handles (>= 4.3)
    System.Runtime.InteropServices.RuntimeInformation (4.3) - restriction: || (== net5.0-windows7.0) (== net50) (&& (== netstandard2.0) (>= netcoreapp1.1)) (&& (== netstandard2.1) (>= netcoreapp1.1))
      runtime.native.System (>= 4.3)
      System.Reflection (>= 4.3)
      System.Reflection.Extensions (>= 4.3)
      System.Resources.ResourceManager (>= 4.3)
      System.Runtime (>= 4.3)
      System.Runtime.InteropServices (>= 4.3)
      System.Threading (>= 4.3)
    System.Runtime.InteropServices.WindowsRuntime (4.3) - restriction: || (&& (== net5.0-windows7.0) (< netcoreapp3.1)) (&& (== net50) (< netcoreapp3.1)) (== netstandard2.0) (== netstandard2.1)
      System.Runtime (>= 4.3)
    System.Security.AccessControl (5.0) - restriction: || (== net5.0-windows7.0) (== net50) (&& (== netstandard2.0) (>= netcoreapp2.0)) (&& (== netstandard2.0) (>= netcoreapp2.1)) (&& (== netstandard2.1) (>= netcoreapp2.0)) (&& (== netstandard2.1) (>= netcoreapp2.1))
      Microsoft.NETCore.Platforms (>= 5.0) - restriction: || (== net5.0-windows7.0) (== net50) (&& (== netstandard2.0) (>= netcoreapp2.0)) (&& (== netstandard2.1) (>= netcoreapp2.0))
      System.Security.Principal.Windows (>= 5.0)
    System.Security.Principal.Windows (5.0)
    System.Text.Encoding (4.3)
      Microsoft.NETCore.Platforms (>= 1.1)
      Microsoft.NETCore.Targets (>= 1.1)
      System.Runtime (>= 4.3)
    System.Text.Encoding.Extensions (4.3)
      Microsoft.NETCore.Platforms (>= 1.1)
      Microsoft.NETCore.Targets (>= 1.1)
      System.Runtime (>= 4.3)
      System.Text.Encoding (>= 4.3)
    System.Text.Encodings.Web (5.0)
      System.Memory (>= 4.5.4) - restriction: || (&& (== net5.0-windows7.0) (>= net461)) (&& (== net5.0-windows7.0) (< netcoreapp2.1) (< netstandard2.1)) (&& (== net5.0-windows7.0) (>= uap10.1)) (&& (== net50) (>= net461)) (&& (== net50) (< netcoreapp2.1) (< netstandard2.1)) (&& (== net50) (>= uap10.1)) (== netstandard2.0) (&& (== netstandard2.1) (>= net461)) (&& (== netstandard2.1) (>= uap10.1))
    System.Text.Json (5.0.1) - restriction: || (&& (== net5.0-windows7.0) (>= net461)) (&& (== net5.0-windows7.0) (< net50)) (&& (== net50) (>= net461)) (== netstandard2.0) (== netstandard2.1)
      Microsoft.Bcl.AsyncInterfaces (>= 5.0) - restriction: || (&& (== net5.0-windows7.0) (>= monotouch)) (&& (== net5.0-windows7.0) (>= net461)) (&& (== net5.0-windows7.0) (< netcoreapp2.0)) (&& (== net5.0-windows7.0) (< netcoreapp2.1)) (&& (== net5.0-windows7.0) (< netcoreapp3.0)) (&& (== net5.0-windows7.0) (>= uap10.1)) (&& (== net5.0-windows7.0) (>= xamarinios)) (&& (== net5.0-windows7.0) (>= xamarinmac)) (&& (== net5.0-windows7.0) (>= xamarintvos)) (&& (== net5.0-windows7.0) (>= xamarinwatchos)) (&& (== net50) (>= monotouch)) (&& (== net50) (>= net461)) (&& (== net50) (< netcoreapp2.0)) (&& (== net50) (< netcoreapp2.1)) (&& (== net50) (< netcoreapp3.0)) (&& (== net50) (>= uap10.1)) (&& (== net50) (>= xamarinios)) (&& (== net50) (>= xamarinmac)) (&& (== net50) (>= xamarintvos)) (&& (== net50) (>= xamarinwatchos)) (== netstandard2.0) (== netstandard2.1)
      System.Buffers (>= 4.5.1) - restriction: || (&& (== net5.0-windows7.0) (>= monotouch)) (&& (== net5.0-windows7.0) (>= net461)) (&& (== net5.0-windows7.0) (< netcoreapp2.0)) (&& (== net5.0-windows7.0) (>= xamarinios)) (&& (== net5.0-windows7.0) (>= xamarinmac)) (&& (== net5.0-windows7.0) (>= xamarintvos)) (&& (== net5.0-windows7.0) (>= xamarinwatchos)) (&& (== net50) (>= monotouch)) (&& (== net50) (>= net461)) (&& (== net50) (< netcoreapp2.0)) (&& (== net50) (>= xamarinios)) (&& (== net50) (>= xamarinmac)) (&& (== net50) (>= xamarintvos)) (&& (== net50) (>= xamarinwatchos)) (== netstandard2.0) (== netstandard2.1)
      System.Memory (>= 4.5.4) - restriction: || (&& (== net5.0-windows7.0) (>= net461)) (&& (== net5.0-windows7.0) (< netcoreapp2.0)) (&& (== net5.0-windows7.0) (< netcoreapp2.1)) (&& (== net5.0-windows7.0) (>= uap10.1)) (&& (== net50) (>= net461)) (&& (== net50) (< netcoreapp2.0)) (&& (== net50) (< netcoreapp2.1)) (&& (== net50) (>= uap10.1)) (== netstandard2.0) (== netstandard2.1)
      System.Numerics.Vectors (>= 4.5) - restriction: || (&& (== net5.0-windows7.0) (>= net461)) (&& (== net5.0-windows7.0) (< netcoreapp2.0)) (&& (== net50) (>= net461)) (&& (== net50) (< netcoreapp2.0)) (== netstandard2.0) (== netstandard2.1)
      System.Runtime.CompilerServices.Unsafe (>= 5.0) - restriction: || (&& (== net5.0-windows7.0) (>= monotouch)) (&& (== net5.0-windows7.0) (>= net461)) (&& (== net5.0-windows7.0) (< netcoreapp2.0)) (&& (== net5.0-windows7.0) (< netcoreapp2.1)) (&& (== net5.0-windows7.0) (< netcoreapp3.0)) (&& (== net5.0-windows7.0) (>= uap10.1)) (&& (== net5.0-windows7.0) (>= xamarinios)) (&& (== net5.0-windows7.0) (>= xamarinmac)) (&& (== net5.0-windows7.0) (>= xamarintvos)) (&& (== net5.0-windows7.0) (>= xamarinwatchos)) (&& (== net50) (>= monotouch)) (&& (== net50) (>= net461)) (&& (== net50) (< netcoreapp2.0)) (&& (== net50) (< netcoreapp2.1)) (&& (== net50) (< netcoreapp3.0)) (&& (== net50) (>= uap10.1)) (&& (== net50) (>= xamarinios)) (&& (== net50) (>= xamarinmac)) (&& (== net50) (>= xamarintvos)) (&& (== net50) (>= xamarinwatchos)) (== netstandard2.0) (== netstandard2.1)
      System.Text.Encodings.Web (>= 5.0) - restriction: || (&& (== net5.0-windows7.0) (>= monotouch)) (&& (== net5.0-windows7.0) (>= net461)) (&& (== net5.0-windows7.0) (< netcoreapp2.0)) (&& (== net5.0-windows7.0) (< netcoreapp2.1)) (&& (== net5.0-windows7.0) (< netcoreapp3.0)) (&& (== net5.0-windows7.0) (>= uap10.1)) (&& (== net5.0-windows7.0) (>= xamarinios)) (&& (== net5.0-windows7.0) (>= xamarinmac)) (&& (== net5.0-windows7.0) (>= xamarintvos)) (&& (== net5.0-windows7.0) (>= xamarinwatchos)) (&& (== net50) (>= monotouch)) (&& (== net50) (>= net461)) (&& (== net50) (< netcoreapp2.0)) (&& (== net50) (< netcoreapp2.1)) (&& (== net50) (< netcoreapp3.0)) (&& (== net50) (>= uap10.1)) (&& (== net50) (>= xamarinios)) (&& (== net50) (>= xamarinmac)) (&& (== net50) (>= xamarintvos)) (&& (== net50) (>= xamarinwatchos)) (== netstandard2.0) (== netstandard2.1)
      System.Threading.Tasks.Extensions (>= 4.5.4) - restriction: || (&& (== net5.0-windows7.0) (>= net461)) (&& (== net5.0-windows7.0) (< netcoreapp2.0)) (&& (== net5.0-windows7.0) (< netcoreapp2.1)) (&& (== net5.0-windows7.0) (>= uap10.1)) (&& (== net50) (>= net461)) (&& (== net50) (< netcoreapp2.0)) (&& (== net50) (< netcoreapp2.1)) (&& (== net50) (>= uap10.1)) (== netstandard2.0) (== netstandard2.1)
    System.Text.RegularExpressions (4.3.1)
      System.Collections (>= 4.3) - restriction: || (&& (== net5.0-windows7.0) (< netcoreapp1.1)) (&& (== net50) (< netcoreapp1.1)) (== netstandard2.0) (== netstandard2.1)
      System.Globalization (>= 4.3) - restriction: || (&& (== net5.0-windows7.0) (< netcoreapp1.1)) (&& (== net50) (< netcoreapp1.1)) (== netstandard2.0) (== netstandard2.1)
      System.Resources.ResourceManager (>= 4.3) - restriction: || (&& (== net5.0-windows7.0) (< netcoreapp1.1)) (&& (== net50) (< netcoreapp1.1)) (== netstandard2.0) (== netstandard2.1)
      System.Runtime (>= 4.3.1)
      System.Runtime.Extensions (>= 4.3.1) - restriction: || (&& (== net5.0-windows7.0) (< netcoreapp1.1)) (&& (== net50) (< netcoreapp1.1)) (== netstandard2.0) (== netstandard2.1)
      System.Threading (>= 4.3) - restriction: || (&& (== net5.0-windows7.0) (< netcoreapp1.1)) (&& (== net50) (< netcoreapp1.1)) (== netstandard2.0) (== netstandard2.1)
    System.Threading (4.3)
      System.Runtime (>= 4.3)
      System.Threading.Tasks (>= 4.3)
    System.Threading.Channels (5.0)
      System.Threading.Tasks.Extensions (>= 4.5.4) - restriction: || (&& (== net5.0-windows7.0) (>= net461)) (&& (== net5.0-windows7.0) (< netcoreapp2.1) (< netstandard2.1)) (&& (== net5.0-windows7.0) (< netstandard2.0)) (&& (== net50) (>= net461)) (&& (== net50) (< netcoreapp2.1) (< netstandard2.1)) (&& (== net50) (< netstandard2.0)) (== netstandard2.0) (&& (== netstandard2.1) (>= net461)) (&& (== netstandard2.1) (< netstandard2.0))
    System.Threading.Tasks (4.3)
      Microsoft.NETCore.Platforms (>= 1.1)
      Microsoft.NETCore.Targets (>= 1.1)
      System.Runtime (>= 4.3)
    System.Threading.Tasks.Extensions (4.5.4)
      System.Runtime.CompilerServices.Unsafe (>= 4.5.3) - restriction: || (&& (== net5.0-windows7.0) (>= net461)) (&& (== net5.0-windows7.0) (< netcoreapp2.1)) (&& (== net5.0-windows7.0) (< netstandard1.0)) (&& (== net5.0-windows7.0) (< netstandard2.0)) (&& (== net5.0-windows7.0) (>= wp8)) (&& (== net50) (>= net461)) (&& (== net50) (< netcoreapp2.1)) (&& (== net50) (< netstandard1.0)) (&& (== net50) (< netstandard2.0)) (&& (== net50) (>= wp8)) (== netstandard2.0) (== netstandard2.1)
    System.Threading.Timer (4.3)
      Microsoft.NETCore.Platforms (>= 1.1)
      Microsoft.NETCore.Targets (>= 1.1)
      System.Runtime (>= 4.3)
    System.ValueTuple (4.5)
    Wcwidth (0.2)
    xunit (2.4.1)
      xunit.analyzers (>= 0.10)
      xunit.assert (2.4.1)
      xunit.core (2.4.1)
    xunit.abstractions (2.0.3)
    xunit.analyzers (0.10)
    xunit.assert (2.4.1)
      NETStandard.Library (>= 1.6.1)
    xunit.core (2.4.1)
      xunit.extensibility.core (2.4.1)
      xunit.extensibility.execution (2.4.1)
    xunit.extensibility.core (2.4.1)
      NETStandard.Library (>= 1.6.1)
      xunit.abstractions (>= 2.0.3)
    xunit.extensibility.execution (2.4.1)
      NETStandard.Library (>= 1.6.1)
      xunit.extensibility.core (2.4.1)
    xunit.runner.visualstudio (2.4.3)
